GEM
  remote: https://api.rubygems.org/
  specs:
    bacon (1.2.0)
    diff-lcs (1.2.5)
      hoe (~> 3.7)
      hoe-bundler (~> 1.2)
      hoe-doofus (~> 1.0)
      hoe-gemspec2 (~> 1.1)
      hoe-git (~> 1.5)
      hoe-rubygems (~> 1.0)
      hoe-travis (~> 1.2)
      rake (~> 10.0)
      rdoc (~> 4.0)
      rspec (~> 2.0)
      rubyforge (>= 2.0.4)
    ffi (1.9.3)
      rake
      rake-compiler (>= 0.6.0)
      rspec
      rubygems-tasks
    ffi-xattr (0.1.1)
      ffi
      rake (~> 0.9.2)
      rspec (~> 2.5)
    minitest (2.12.1)
      hoe (~> 3.0)
      rdoc (~> 3.10)
    rack (1.5.2)
      bacon
      rake
    rack-protection (1.5.2)
      rack
      rack-test
      rspec (~> 2.0)
    rack-test (0.6.2)
      rack (>= 1.0)
    rake (0.9.6)
      minitest (~> 2.1)
    rake-compiler (0.9.2)
      cucumber (~> 1.1.4)
      rake
      rspec (~> 2.8.0)
    rspec (2.99.0.beta2)
      rspec-core (= 2.99.0.beta2)
      rspec-expectations (= 2.99.0.beta2)
      rspec-mocks (= 2.99.0.beta2)
    rspec-core (2.99.0.beta2)
      ZenTest (~> 4.6)
      aruba (~> 0.5)
      cucumber (~> 1.1.9)
      flexmock (~> 0.9.0)
      mocha (~> 0.13.0)
      nokogiri (= 1.5.2)
      rake (~> 10.0.0)
      rr (~> 1.0.4)
      syntax (= 1.0.0)
    rspec-expectations (2.99.0.beta2)
      aruba (~> 0.5)
      cucumber (~> 1.1.9)
      diff-lcs (>= 1.1.3, < 2.0)
      rake (~> 10.0.0)
    rspec-mocks (2.99.0.beta2)
      aruba (~> 0.5)
      cucumber (~> 1.1.9)
      rake (~> 10.0.0)
    rubygems-tasks (0.2.4)
      rspec (~> 2.4)
      yard (~> 0.7)
    sinatra (1.4.4)
      rack (~> 1.4)
      rack-protection (~> 1.4)
      tilt (~> 1.3, >= 1.3.4)
    tilt (1.4.1)
      RedCloth
      asciidoctor (>= 0.1.0)
      bluecloth
      builder
      coffee-script
      contest
      creole
      erubis
      haml (>= 2.2.11)
      kramdown
      less
      liquid
      markaby
      maruku
      nokogiri
      radius
      rdiscount
      rdoc
      rdoc
      redcarpet
      sass
      wikicloth
      yajl-ruby
    yard (0.8.7.3)

PLATFORMS
  ruby

DEPENDENCIES
  bacon
  diff-lcs (>= 1.1.3, < 2.0)
  ffi
  ffi-xattr
  minitest (~> 2.1)
  rack (>= 1.0)
  rack-protection (~> 1.4)
  rack-test
  rake (~> 0.9.2)
  rake-compiler (>= 0.6.0)
  rspec (~> 2.5)
  rspec-core (= 2.99.0.beta2)
  rspec-expectations (= 2.99.0.beta2)
  rspec-mocks (= 2.99.0.beta2)
  rubygems-tasks
  sinatra
  tilt (~> 1.3, >= 1.3.4)
  yard (~> 0.7)
