GEM
  remote: https://api.rubygems.org/
  specs:
    RedCloth (4.2.9)
      bundler (~> 1.0.10)
      diff-lcs (~> 1.1.2)
      rake (~> 0.8.7)
      rake-compiler (~> 0.7.1)
      rspec (~> 2.4)
      rvm (~> 1.2.6)
    asciidoctor (1.5.1)
      coderay (~> 1.1.0)
      cucumber (~> 1.3.1)
      erubis (~> 2.7.0)
      haml (~> 4.0.0)
      minitest (~> 5.3.0)
      nokogiri (~> 1.5.10)
      rake (~> 10.0.0)
      rspec-expectations (~> 2.14.0)
      slim (~> 2.0.0)
      thread_safe (~> 0.1.3)
      tilt (~> 2.0.0)
      yard (~> 0.8.7)
      yard-tomdoc (~> 0.7.0)
    bacon (1.2.0)
    bluecloth (2.2.0)
      hoe (~> 2.12)
      hoe-highline (~> 0.0.1)
      hoe-mercurial (~> 1.3.1)
      rake-compiler (~> 0.7)
      rspec (~> 2.6)
      tidy-ext (~> 0.1)
    builder (3.2.2)
    coffee-script (2.3.0)
      coffee-script-source
      execjs
      json
      rake
    coffee-script-source (1.8.0)
    commonjs (0.2.7)
      rake
      rspec
    contest (0.1.3)
    creole (0.5.0)
      bacon
      rake
    daemons (1.1.9)
    diff-lcs (1.2.5)
      hoe (~> 3.7)
      hoe-bundler (~> 1.2)
      hoe-doofus (~> 1.0)
      hoe-gemspec2 (~> 1.1)
      hoe-git (~> 1.5)
      hoe-rubygems (~> 1.0)
      hoe-travis (~> 1.2)
      rake (~> 10.0)
      rdoc (~> 4.0)
      rspec (~> 2.0)
      rubyforge (>= 2.0.4)
    erubis (2.7.0)
    eventmachine (1.0.3)
      bluecloth
      rake-compiler (~> 0.8.3)
      yard (>= 0.8.5.2)
    eventmachine-le (1.1.7)
      bluecloth (~> 0)
      rake-compiler (~> 0.8, >= 0.8.3)
      yard (~> 0.8, >= 0.8.5.2)
    execjs (2.2.1)
      rake
    expression_parser (0.9.0)
    ffi (1.9.3)
      rake
      rake-compiler (>= 0.6.0)
      rspec
      rubygems-tasks
    ffi-xattr (0.1.2)
      ffi
      rake (~> 0.9.2)
      rspec (~> 2.5)
    filetesthelper (1.0.1)
    haml (4.1.0.beta.1)
      minitest (~> 4.0)
      nokogiri (~> 1.6.0)
      rails (>= 3.2.0)
      rbench
      tilt
    http_parser.rb (0.5.3)
      json (>= 1.4.6)
      rake-compiler (>= 0.7.9)
      rspec (>= 2.0.1)
      yajl-ruby (>= 0.8.1)
    json (1.8.1)
      permutation
      sdoc (~> 0.3.16)
    kramdown (1.4.2)
      coderay (~> 1.0.0)
      minitest (~> 5.0)
      prawn (~> 0.13)
      stringex (~> 1.5.1)
    less (2.6.0)
      commonjs (~> 0.2.7)
    liquid (3.0.0.rc1)
      rake
    markaby (0.8.0)
      builder
      bundler (~> 1.3)
      rake
    maruku (0.7.2)
    mini_portile (0.6.0)
    minitest (5.4.1)
      hoe (~> 3.12)
      rdoc (~> 4.0)
    nokogiri (1.6.3.1)
      hoe (~> 3.7)
      hoe-bundler (>= 1.1)
      hoe-debugging (>= 1.0.3)
      hoe-gemspec (>= 1.0)
      hoe-git (>= 1.4)
      mini_portile (= 0.6.0)
      minitest (~> 2.2.2)
      racc (>= 1.4.6)
      rake (>= 0.9)
      rake-compiler (~> 0.9.2)
      rdoc (~> 4.0)
      rexical (>= 1.0.5)
    preforker (0.1.1)
      filetesthelper (>= 0.10.1)
      rspec (>= 1.3.0)
    rack (1.6.0.beta)
      bacon
      rake
    rack-protection (1.5.3)
      rack
      rack-test
      rspec (~> 2.0)
    rack-test (0.6.2)
      rack (>= 1.0)
    radius (0.7.4)
    rake (0.9.6)
      minitest (~> 2.1)
    rake-compiler (0.9.3)
      cucumber (~> 1.1.4)
      rake
      rspec (~> 2.8.0)
    rdiscount (2.1.7.1)
    rdoc (4.1.2)
      hoe (~> 3.12)
      json (~> 1.4)
      kpeg (~> 0.9)
      minitest (~> 5.4)
      racc (~> 1.4, > 1.4.10)
      rdoc (~> 4.0)
    redcarpet (3.1.2)
      nokogiri (~> 1.6.0)
      rake-compiler (~> 0.8.3)
      test-unit (~> 2.5.4)
    rinku (1.7.3)
    rspec (2.99.0)
      rspec-core (~> 2.99.0)
      rspec-expectations (~> 2.99.0)
      rspec-mocks (~> 2.99.0)
    rspec-core (2.99.2)
      ZenTest (~> 4.6)
      aruba (~> 0.5)
      cucumber (~> 1.1.9)
      flexmock (~> 0.9.0)
      minitest (~> 4.7)
      mocha (~> 0.13.0)
      nokogiri (= 1.5.2)
      rake (~> 10.0.0)
      rr (~> 1.0.4)
      syntax (= 1.0.0)
    rspec-expectations (2.99.2)
      aruba (~> 0.5)
      cucumber (~> 1.1.9)
      diff-lcs (>= 1.1.3, < 2.0)
      rake (~> 10.0.0)
    rspec-mocks (2.99.2)
      aruba (~> 0.5)
      cucumber (~> 1.1.9)
      rake (~> 10.0.0)
    rubygems-tasks (0.2.4)
      rspec (~> 2.4)
      yard (~> 0.7)
    sass (3.4.5)
      maruku (>= 0.5.9)
      minitest (>= 5)
      yard (>= 0.5.3)
    sinatra (1.4.5)
      rack (~> 1.4)
      rack-protection (~> 1.4)
      tilt (~> 1.3, >= 1.3.4)
    thin (1.6.2)
      daemons (>= 1.0.9)
      eventmachine (>= 1.0.0)
      rack (>= 1.0.0)
    tilt (1.4.1)
      RedCloth
      asciidoctor (>= 0.1.0)
      bluecloth
      builder
      coffee-script
      contest
      creole
      erubis
      haml (>= 2.2.11)
      kramdown
      less
      liquid
      markaby
      maruku
      nokogiri
      radius
      rdiscount
      rdoc
      rdoc
      redcarpet
      sass
      wikicloth
      yajl-ruby
    wikicloth (0.8.1)
      activesupport
      builder
      expression_parser
      i18n
      rake
      rdoc
      rinku
      simplecov
      test-unit
    yajl-ruby (1.2.1)
      activesupport (~> 3.1.2)
      json
      rake-compiler (>= 0.7.5)
      rspec (~> 2.14)

PLATFORMS
  ruby

DEPENDENCIES
  RedCloth
  asciidoctor (>= 0.1.0)
  bacon
  bluecloth
  builder
  coffee-script
  coffee-script-source
  commonjs (~> 0.2.7)
  contest
  creole
  daemons (>= 1.0.9)
  diff-lcs (>= 1.1.3, < 2.0)
  erubis
  eventmachine (>= 1.0.0)
  eventmachine-le (~> 1.1.0)
  execjs
  expression_parser
  ffi
  ffi-xattr
  filetesthelper (>= 0.10.1)
  haml
  http_parser.rb (~> 0.5.3)
  json (>= 1.4.6)
  kramdown
  less
  liquid
  markaby
  maruku
  mini_portile (= 0.6.0)
  minitest (~> 5.0)
  nokogiri
  preforker (~> 0.1.1)
  rack (~> 1.4)
  rack-protection (~> 1.4)
  rack-test
  radius
  rake
  rake-compiler (>= 0.7.9)
  rdiscount
  rdoc
  redcarpet
  rinku
  rspec (~> 2.0)
  rspec-core (~> 2.99.0)
  rspec-expectations (~> 2.99.0)
  rspec-mocks (~> 2.99.0)
  rubygems-tasks
  sass
  sinatra
  thin (>= 0, ~> 1.6)
  tilt
  wikicloth
  yajl-ruby
