GEM
  remote: https://api.rubygems.org/
  specs:
    eventmachine-le (1.1.7)
      bluecloth (~> 0)
      rake-compiler (~> 0.8, >= 0.8.3)
      yard (~> 0.8, >= 0.8.5.2)
    ffi (1.9.3)
      rake
      rake-compiler (>= 0.6.0)
      rspec
      rubygems-tasks
    ffi-xattr (0.1.2)
      ffi
      rake (~> 0.9.2)
      rspec (~> 2.5)
    haml (4.1.0.beta.1)
      minitest (~> 4.0)
      nokogiri (~> 1.6.0)
      rails (>= 3.2.0)
      rbench
      tilt
    http_parser.rb (0.5.3)
      json (>= 1.4.6)
      rake-compiler (>= 0.7.9)
      rspec (>= 2.0.1)
      yajl-ruby (>= 0.8.1)
    preforker (0.1.1)
      filetesthelper (>= 0.10.1)
      rspec (>= 1.3.0)
    rack (1.6.0.beta)
      bacon
      rake
    rack-protection (1.5.3)
      rack
      rack-test
      rspec (~> 2.0)
    sinatra (1.4.5)
      rack (~> 1.4)
      rack-protection (~> 1.4)
      tilt (~> 1.3, >= 1.3.4)
    thin (2.0.0.pre)
      eventmachine-le (~> 1.1.0)
      http_parser.rb (~> 0.5.3)
      preforker (~> 0.1.1)
      rack (~> 1.4)
    tilt (1.4.1)
      RedCloth
      asciidoctor (>= 0.1.0)
      bluecloth
      builder
      coffee-script
      contest
      creole
      erubis
      haml (>= 2.2.11)
      kramdown
      less
      liquid
      markaby
      maruku
      nokogiri
      radius
      rdiscount
      rdoc
      rdoc
      redcarpet
      sass
      wikicloth
      yajl-ruby

PLATFORMS
  ruby

DEPENDENCIES
  eventmachine-le (~> 1.1.0)
  ffi
  ffi-xattr
  haml
  http_parser.rb (~> 0.5.3)
  preforker (~> 0.1.1)
  rack (~> 1.4)
  rack-protection (~> 1.4)
  sinatra
  thin
  tilt
