GEM
  remote: https://api.rubygems.org/
  specs:
    RedCloth (4.2.9)
      bundler (~> 1.0.10)
      diff-lcs (~> 1.1.2)
      rake (~> 0.8.7)
      rake-compiler (~> 0.7.1)
      rspec (~> 2.4)
      rvm (~> 1.2.6)
    ZenTest (4.9.5)
      hoe (~> 3.7)
      minitest (~> 5.0)
      rdoc (~> 4.0)
    activesupport (4.1.0.rc1)
      i18n (~> 0.6, >= 0.6.9)
      json (~> 1.7, >= 1.7.7)
      minitest (~> 5.1)
      thread_safe (~> 0.1)
      tzinfo (~> 1.1)
    aruba (0.5.4)
      bcat (>= 0.6.1)
      childprocess (>= 0.3.6)
      cucumber (>= 1.1.1)
      fuubar (>= 1.1.1)
      kramdown (>= 0.14)
      rake (>= 0.9.2)
      rspec (>= 2.11.0)
      rspec-expectations (>= 2.7.0)
    asciidoctor (1.5.0.preview3)
      coderay (~> 1.1.0)
      cucumber (~> 1.3.1)
      erubis (~> 2.7.0)
      haml (~> 4.0.0)
      nokogiri (~> 1.5.10)
      rake (~> 10.0.0)
      rspec-expectations (~> 2.14.0)
      slim (~> 2.0.0)
      thread_safe (~> 0.1.3)
      tilt (~> 2.0.0)
      yard (~> 0.8.7)
      yard-tomdoc (~> 0.7.0)
    atomic (1.1.15)
    bacon (1.2.0)
    bluecloth (2.2.0)
      hoe (~> 2.12)
      hoe-highline (~> 0.0.1)
      hoe-mercurial (~> 1.3.1)
      rake-compiler (~> 0.7)
      rspec (~> 2.6)
      tidy-ext (~> 0.1)
    builder (3.2.2)
    bundler (1.6.0.rc2)
      ronn (~> 0.7.3)
      rspec (~> 2.99.0.beta1)
    childprocess (0.5.1)
      coveralls
      ffi (~> 1.0, >= 1.0.11)
      rake (~> 0.9.2)
      rspec (>= 2.0.0)
      yard
    coderay (1.0.9)
    coffee-script (2.2.0)
      coffee-script-source
      execjs
    coffee-script-source (1.7.0)
    commonjs (0.2.7)
      rake
      rspec
    contest (0.1.3)
    creole (0.5.0)
      bacon
      rake
    cucumber (1.1.9)
      aruba (~> 0.4.11)
      bcat (~> 0.6.2)
      builder (>= 2.1.2)
      capybara (>= 1.1.1)
      diff-lcs (>= 1.1.2)
      gherkin (~> 2.9.0)
      json (>= 1.4.6)
      nokogiri (>= 1.5.0)
      prawn (~> 0.8.4)
      prawn-layout (~> 0.8.4)
      rack-test (>= 0.6.1)
      rake (>= 0.9.2)
      ramaze
      rdiscount (~> 1.6.8)
      rspec (~> 2.7.0)
      simplecov (>= 0.5.4)
      sinatra (>= 1.3.1)
      spork (>= 0.9.0.rc9)
      syntax (>= 1.0.0)
      term-ansicolor (>= 1.0.6)
      webrat (>= 0.7.3)
      yard (~> 0.7.4)
    diff-lcs (1.2.5)
      hoe (~> 3.7)
      hoe-bundler (~> 1.2)
      hoe-doofus (~> 1.0)
      hoe-gemspec2 (~> 1.1)
      hoe-git (~> 1.5)
      hoe-rubygems (~> 1.0)
      hoe-travis (~> 1.2)
      rake (~> 10.0)
      rdoc (~> 4.0)
      rspec (~> 2.0)
      rubyforge (>= 2.0.4)
    docile (1.1.3)
      coveralls
      github-markup
      mime-types (~> 1.25.1)
      rake (~> 10.1.1)
      redcarpet (= 2.3.0)
      rspec (~> 2.14.0)
      yard
    erubis (2.7.0)
    execjs (2.0.2)
      rake
    expression_parser (0.9.0)
    ffi (1.9.3)
      rake
      rake-compiler (>= 0.6.0)
      rspec
      rubygems-tasks
    ffi-xattr (0.1.1)
      ffi
      rake (~> 0.9.2)
      rspec (~> 2.5)
    flexmock (0.9.0)
    gherkin (2.9.3)
      builder (>= 2.1.2)
      bundler (>= 1.1.0)
      cucumber (>= 1.1.9)
      json (>= 1.4.6)
      rake (>= 0.9.2)
      rake-compiler (>= 0.8.0)
      rdiscount (>= 1.6.8)
      rspec (~> 2.9.0)
      rubyzip (>= 0.9.6.1)
      term-ansicolor (>= 1.0.6)
      therubyracer (>= 0.9.10)
      yard (>= 0.7.5)
    haml (4.1.0.beta.1)
      minitest (~> 4.0)
      nokogiri (~> 1.6.0)
      rails (>= 3.2.0)
      rbench
      tilt
    hoe (3.10.0)
      minitest (~> 5.3)
      rake (>= 0.8, < 11.0)
      rdoc (~> 4.0)
    i18n (0.6.9)
      activesupport (>= 3.0.0)
      mocha
      sqlite3
      test_declarative
    json (1.8.1)
      permutation
      sdoc (~> 0.3.16)
    kramdown (1.3.2)
      coderay (~> 1.0.0)
      minitest (~> 5.0)
      prawn (~> 0.13)
      stringex (~> 1.5.1)
    less (2.5.0)
      commonjs (~> 0.2.7)
    liquid (2.6.1)
    markaby (0.8.0)
      builder
      bundler (~> 1.3)
      rake
    maruku (0.7.1)
    metaclass (0.0.4)
    mini_portile (0.5.2)
    minitest (5.3.1)
      hoe (~> 3.10)
      rdoc (~> 4.0)
    mocha (0.13.3)
      introspection (~> 0.0.1)
      metaclass (~> 0.0.1)
      rake
      redcarpet (~> 1)
      yard
    multi_json (1.9.0)
      bundler (~> 1.0)
    nokogiri (1.5.2)
      hoe (~> 2.13)
      hoe-bundler (>= 1.1)
      hoe-debugging (>= 1.0.3)
      hoe-gemspec (>= 1.0)
      hoe-git (>= 1.4)
      mini_portile (>= 0.2.2)
      minitest (~> 2.2.2)
      racc (>= 1.4.6)
      rake-compiler (= 0.8.0)
      rdoc (~> 3.10)
      rexical (>= 1.0.5)
    pdf-core (0.1.6)
      pdf-inspector (~> 1.1.0)
      pdf-reader (~> 1.2)
      rake
      rspec
      simplecov
    permutation (0.1.8)
    prawn (0.15.0)
      coderay (~> 1.0.7)
      mocha
      pdf-core (~> 0.1.3)
      pdf-inspector (~> 1.1.0)
      pdf-reader (~> 1.2)
      rake
      rspec
      simplecov
      ttfunk (~> 1.1.0)
      yard
    rack (1.5.2)
      bacon
      rake
    rack-protection (1.5.2)
      rack
      rack-test
      rspec (~> 2.0)
    rack-test (0.6.2)
      rack (>= 1.0)
    radius (0.7.4)
    rake (10.0.4)
      minitest (~> 2.1)
    rake-compiler (0.9.2)
      cucumber (~> 1.1.4)
      rake
      rspec (~> 2.8.0)
    rdiscount (2.1.7)
    rdoc (3.12.2)
      ZenTest (~> 4)
      hoe (~> 3.5)
      json (~> 1.4)
      minitest (~> 4.3)
      racc (~> 1.4)
      rdoc (~> 3.10)
    redcarpet (3.1.1)
      nokogiri (~> 1.6.0)
      rake-compiler (~> 0.8.3)
      test-unit (~> 2.5.4)
    rinku (1.7.3)
    rr (1.0.5)
    rspec (2.99.0.beta2)
      rspec-core (= 2.99.0.beta2)
      rspec-expectations (= 2.99.0.beta2)
      rspec-mocks (= 2.99.0.beta2)
    rspec-core (2.99.0.beta2)
      ZenTest (~> 4.6)
      aruba (~> 0.5)
      cucumber (~> 1.1.9)
      flexmock (~> 0.9.0)
      mocha (~> 0.13.0)
      nokogiri (= 1.5.2)
      rake (~> 10.0.0)
      rr (~> 1.0.4)
      syntax (= 1.0.0)
    rspec-expectations (2.99.0.beta2)
      aruba (~> 0.5)
      cucumber (~> 1.1.9)
      diff-lcs (>= 1.1.3, < 2.0)
      rake (~> 10.0.0)
    rspec-mocks (2.99.0.beta2)
      aruba (~> 0.5)
      cucumber (~> 1.1.9)
      rake (~> 10.0.0)
    rubygems-tasks (0.2.4)
      rspec (~> 2.4)
      yard (~> 0.7)
    sass (3.3.3)
      maruku (>= 0.5.9)
      yard (>= 0.5.3)
    sdoc (0.3.20)
      json (>= 1.1.3)
      rdoc (~> 3.10)
    simplecov (0.8.2)
      appraisal (~> 0.5.1)
      docile (~> 1.1.0)
      multi_json
      rake (~> 10.0.3)
      rspec (~> 2.13.0)
      shoulda (~> 3.4.0)
      simplecov-html (~> 0.8.0)
    simplecov-html (0.8.0)
      rake
      sass
      sprockets
    sinatra (1.4.4)
      rack (~> 1.4)
      rack-protection (~> 1.4)
      tilt (~> 1.3, >= 1.3.4)
    stringex (1.5.1)
      RedCloth
      activerecord
      jeweler (= 1.8.4)
      sqlite3
      travis-lint (= 1.4.0)
    syntax (1.0.0)
    term-ansicolor (1.3.0)
      gem_hadar (~> 1.0.0)
      simplecov
      tins (~> 1.0)
    test-unit (2.5.5)
      RedCloth
      bundler
      packnga
      rake
      yard
    thread_safe (0.2.0)
      atomic (>= 1.1.7, < 2)
      rake
    tilt (1.4.1)
      RedCloth
      asciidoctor (>= 0.1.0)
      bluecloth
      builder
      coffee-script
      contest
      creole
      erubis
      haml (>= 2.2.11)
      kramdown
      less
      liquid
      markaby
      maruku
      nokogiri
      radius
      rdiscount
      rdoc
      rdoc
      redcarpet
      sass
      wikicloth
      yajl-ruby
    tins (1.0.0)
      gem_hadar (~> 1.0.0)
      test-unit (~> 2.5)
      utils
    ttfunk (1.1.1)
      rake
      rdoc
      rspec
    tzinfo (1.1.0)
      thread_safe (~> 0.1)
    wikicloth (0.8.1)
      activesupport
      builder
      expression_parser
      i18n
      rake
      rdoc
      rinku
      simplecov
      test-unit
    yajl-ruby (1.2.0)
      activesupport
      json
      rake-compiler (>= 0.7.5)
      rspec (>= 2.0.0)
    yard (0.8.7.3)

PLATFORMS
  ruby

DEPENDENCIES
  RedCloth
  ZenTest (~> 4.6)
  activesupport
  aruba (~> 0.5)
  asciidoctor (>= 0.1.0)
  atomic (>= 1.1.7, < 2)
  bacon
  bluecloth
  builder
  bundler (~> 1.3)
  childprocess (>= 0.3.6)
  coderay (~> 1.0.0)
  coffee-script
  coffee-script-source
  commonjs (~> 0.2.7)
  contest
  creole
  cucumber (~> 1.1.9)
  diff-lcs (>= 1.1.3, < 2.0)
  docile (~> 1.1.0)
  erubis
  execjs
  expression_parser
  ffi
  ffi-xattr
  flexmock (~> 0.9.0)
  gherkin (~> 2.9.0)
  haml (>= 2.2.11)
  hoe (~> 3.10)
  i18n
  json (~> 1.4)
  kramdown
  less
  liquid
  markaby
  maruku
  metaclass (~> 0.0.1)
  mini_portile (~> 0.5.0)
  minitest (~> 5.0)
  mocha (~> 0.13.0)
  multi_json
  nokogiri (= 1.5.2)
  pdf-core (~> 0.1.3)
  permutation
  prawn (~> 0.13)
  rack (~> 1.4)
  rack-protection (~> 1.4)
  rack-test
  radius
  rake (> 10.0)
  rake-compiler (>= 0.6.0)
  rdiscount
  rdoc
  redcarpet
  rinku
  rr (~> 1.0.4)
  rspec (~> 2.0)
  rspec-core (= 2.99.0.beta2)
  rspec-expectations (= 2.99.0.beta2)
  rspec-mocks (= 2.99.0.beta2)
  rubygems-tasks
  sass
  sdoc (~> 0.3.16)
  simplecov
  simplecov-html (~> 0.8.0)
  sinatra
  stringex (~> 1.5.1)
  syntax (= 1.0.0)
  term-ansicolor (>= 1.0.6)
  test-unit
  thread_safe (~> 0.1)
  tilt (~> 1.3, >= 1.3.4)
  tins (~> 1.0)
  ttfunk (~> 1.1.0)
  tzinfo (~> 1.1)
  wikicloth
  yajl-ruby
  yard (>= 0.5.3)
