GEM
  remote: https://api.rubygems.org/
  specs:
    ffi (1.9.3)
      rake
      rake-compiler (>= 0.6.0)
      rspec
      rubygems-tasks
    ffi-xattr (0.1.1)
      ffi
      rake (~> 0.9.2)
      rspec (~> 2.5)

PLATFORMS
  ruby

DEPENDENCIES
  ffi
  ffi-xattr
